GEM
  remote: https://rubygems.org/
  specs:
    pg (0.18.1-x64-mingw32)
    rack (1.6.0)
    rack-protection (1.5.3)
      rack
    sequel (4.18.0)
    sinatra (1.4.5)
      rack (~> 1.4)
      rack-protection (~> 1.4)
      tilt (~> 1.3, >= 1.3.4)
    tilt (1.4.1)

PLATFORMS
  x64-mingw32

DEPENDENCIES
  pg
  sequel (= 4.18.0)
  sinatra (= 1.4.5)
