GEM
  remote: https://rubygems.org/
  specs:
    jsmin (1.0.1)
    pg (0.18.1-x64-mingw32)
    rack (1.6.0)
    rack-protection (1.5.3)
      rack
    rack-test (0.6.3)
      rack (>= 1.0)
    sequel (4.18.0)
    sinatra (1.4.5)
      rack (~> 1.4)
      rack-protection (~> 1.4)
      tilt (~> 1.3, >= 1.3.4)
    sinatra-assetpack (0.3.3)
      jsmin
      rack-test
      sinatra
      tilt (>= 1.3.0, < 2.0)
    sqlite3 (1.3.10-x64-mingw32)
    tilt (1.4.1)

PLATFORMS
  x64-mingw32

DEPENDENCIES
  pg
  sequel (= 4.18.0)
  sinatra (= 1.4.5)
  sinatra-assetpack
  sqlite3
